GEM
  remote: https://rubygems.org/
  specs:
    byebug (10.0.0)
    coderay (1.1.2)
    method_source (0.9.0)
    pry (0.11.3)
      coderay (~> 1.1.0)
      method_source (~> 0.9.0)

PLATFORMS
  ruby

DEPENDENCIES
  byebug
  pry

BUNDLED WITH
   1.16.0.pre.3
